GEM
  remote: https://rubygems.org/
  specs:
    bitarray (0.0.1)

PLATFORMS
  ruby

DEPENDENCIES
  bitarray
