GEM
  remote: https://rubygems.org/
  specs:
    bind-it (0.2.7)
      rjb (~> 1.4.3)
    bind-it (0.2.7-java)
    diff-lcs (1.2.5)
    json (1.8.1)
    mini_portile (0.5.2)
    nokogiri (1.6.0)
      mini_portile (~> 0.5.0)
    nokogiri (1.6.0-java)
      mini_portile (~> 0.5.0)
    open4 (1.3.0)
    parallel (0.9.2)
    rjb (1.4.8)
    rspec (2.14.1)
      rspec-core (~> 2.14.0)
      rspec-expectations (~> 2.14.0)
      rspec-mocks (~> 2.14.0)
    rspec-core (2.14.7)
    rspec-expectations (2.14.4)
      diff-lcs (>= 1.1.3, < 2.0)
    rspec-mocks (2.14.4)
    stanford-core-nlp (0.5.1)
      bind-it (~> 0.2.5)

PLATFORMS
  java
  ruby

DEPENDENCIES
  json
  nokogiri
  open4
  parallel
  rspec
  stanford-core-nlp
